GEM
  remote: https://rubygems.org/
  specs:
    mini_portile2 (2.8.4)
    sqlite3 (1.6.7)
      mini_portile2 (~> 2.8.0)

PLATFORMS
  ruby

DEPENDENCIES
  sqlite3

BUNDLED WITH
   2.4.21
